GEM
  remote: http://rubygems.org/
  specs:
    gcm (0.0.9)
      httparty
      json
    grocer (0.6.0)
    httparty (0.13.3)
      json (~> 1.8)
      multi_xml (>= 0.5.2)
    json (1.8.1)
    little-plugger (1.1.3)
    logging (1.8.2)
      little-plugger (>= 1.1.3)
      multi_json (>= 1.8.4)
    multi_json (1.10.1)
    multi_xml (0.5.5)
    netrc (0.7.9)
    rest_client (1.8.2)
      netrc (~> 0.7.7)
    settingslogic (2.0.9)
    thread (0.1.4)

PLATFORMS
  ruby

DEPENDENCIES
  gcm
  grocer
  logging
  rest_client
  settingslogic
  thread
